GEM
  remote: http://rubygems.org/
  specs:
    abstract (1.0.0)
    actionmailer (3.0.3)
      actionpack (= 3.0.3)
      mail (~> 2.2.9)
    actionpack (3.0.3)
      activemodel (= 3.0.3)
      activesupport (= 3.0.3)
      builder (~> 2.1.2)
      erubis (~> 2.6.6)
      i18n (~> 0.4)
      rack (~> 1.2.1)
      rack-mount (~> 0.6.13)
      rack-test (~> 0.5.6)
      tzinfo (~> 0.3.23)
    activemodel (3.0.3)
      activesupport (= 3.0.3)
      builder (~> 2.1.2)
      i18n (~> 0.4)
    activerecord (3.0.3)
      activemodel (= 3.0.3)
      activesupport (= 3.0.3)
      arel (~> 2.0.2)
      tzinfo (~> 0.3.23)
    activeresource (3.0.3)
      activemodel (= 3.0.3)
      activesupport (= 3.0.3)
    activesupport (3.0.3)
    arel (2.0.7)
    bcrypt-ruby (2.1.4)
    builder (2.1.2)
    capybara (0.4.1.1)
      celerity (>= 0.7.9)
      culerity (>= 0.2.4)
      mime-types (>= 1.16)
      nokogiri (>= 1.3.3)
      rack (>= 1.0.0)
      rack-test (>= 0.5.4)
      selenium-webdriver (>= 0.0.27)
      xpath (~> 0.1.3)
    celerity (0.8.7)
    childprocess (0.1.6)
      ffi (~> 0.6.3)
    configuration (1.2.0)
    crack (0.1.8)
    cucumber (0.10.0)
      builder (>= 2.1.2)
      diff-lcs (~> 1.1.2)
      gherkin (~> 2.3.2)
      json (~> 1.4.6)
      term-ansicolor (~> 1.0.5)
    cucumber-rails (0.4.0.beta.1)
      cucumber (~> 0.10.0)
    culerity (0.2.15)
    database_cleaner (0.6.4)
    decent_exposure (1.0.0)
    devise (1.1.5)
      bcrypt-ruby (~> 2.1.2)
      warden (~> 1.0.2)
    diff-lcs (1.1.2)
    erubis (2.6.6)
      abstract (>= 1.0.0)
    fakeweb (1.3.0)
    fakeweb-matcher (1.2.2)
      fakeweb (>= 1.2.5)
      rspec (>= 1.2.0)
    ffi (0.6.3)
      rake (>= 0.8.7)
    flying-sphinx (0.4.4)
      httparty (~> 0.6.1)
      json (~> 1.4.6)
      net-ssh (~> 2.0.23)
      thinking-sphinx
    formtastic (1.2.3)
      actionpack (>= 2.3.7)
      activesupport (>= 2.3.7)
      i18n (~> 0.4)
    gherkin (2.3.3)
      json (~> 1.4.6)
    haml (3.0.25)
    hashie (1.0.0)
    httparty (0.6.1)
      crack (= 0.1.8)
    i18n (0.5.0)
    json (1.4.6)
    json_pure (1.5.1)
    launchy (0.3.7)
      configuration (>= 0.0.5)
      rake (>= 0.8.1)
    less (1.2.21)
      mutter (>= 0.4.2)
      treetop (>= 1.4.2)
    machinist (2.0.0.beta2)
    mail (2.2.15)
      activesupport (>= 2.3.6)
      i18n (>= 0.4.0)
      mime-types (~> 1.16)
      treetop (~> 1.4.8)
    mime-types (1.16)
    mutter (0.5.3)
    net-ssh (2.0.24)
    nokogiri (1.4.4)
    pedantic (0.1.1)
      stemmer (>= 1.0.1)
    pg (0.10.1)
    polyglot (0.3.1)
    rack (1.2.1)
    rack-mount (0.6.13)
      rack (>= 1.0.0)
    rack-test (0.5.7)
      rack (>= 1.0)
    rails (3.0.3)
      actionmailer (= 3.0.3)
      actionpack (= 3.0.3)
      activerecord (= 3.0.3)
      activeresource (= 3.0.3)
      activesupport (= 3.0.3)
      bundler (~> 1.0)
      railties (= 3.0.3)
    railties (3.0.3)
      actionpack (= 3.0.3)
      activesupport (= 3.0.3)
      rake (>= 0.8.7)
      thor (~> 0.14.4)
    rake (0.8.7)
    rest-client (1.2.0)
      mime-types (>= 1.16)
    riddle (1.2.2)
    rspec (2.5.0)
      rspec-core (~> 2.5.0)
      rspec-expectations (~> 2.5.0)
      rspec-mocks (~> 2.5.0)
    rspec-core (2.5.0)
    rspec-expectations (2.5.0)
      diff-lcs (~> 1.1.2)
    rspec-mocks (2.5.0)
    rspec-rails (2.5.0)
      actionpack (~> 3.0)
      activesupport (~> 3.0)
      railties (~> 3.0)
      rspec (~> 2.5.0)
    rubyzip (0.9.4)
    selenium-webdriver (0.1.2)
      childprocess (~> 0.1.5)
      ffi (~> 0.6.3)
      json_pure
      rubyzip
    sqlite3 (1.3.3)
    statistics2 (0.54)
    stemmer (1.0.1)
    term-ansicolor (1.0.5)
    thinking-sphinx (2.0.2)
      activerecord (>= 3.0.3)
      riddle (>= 1.2.2)
    thor (0.14.6)
    throne (0.0.6)
      hashie
      rest-client
      yajl-ruby
    treetop (1.4.9)
      polyglot (>= 0.3.1)
    tzinfo (0.3.24)
    warden (1.0.3)
      rack (>= 1.0.0)
    will_paginate (2.3.15)
    xpath (0.1.3)
      nokogiri (~> 1.3)
    yajl-ruby (0.8.0)

PLATFORMS
  ruby

DEPENDENCIES
  capybara (= 0.4.1.1)
  cucumber-rails (= 0.4.0.beta.1)
  database_cleaner (= 0.6.4)
  decent_exposure (= 1.0.0)
  devise (= 1.1.5)
  fakeweb (= 1.3.0)
  fakeweb-matcher (= 1.2.2)
  flying-sphinx (= 0.4.4)
  formtastic (= 1.2.3)
  haml (= 3.0.25)
  json (= 1.4.6)
  launchy (= 0.3.7)
  less (= 1.2.21)
  machinist (= 2.0.0.beta2)
  nokogiri (= 1.4.4)
  pedantic (= 0.1.1)
  pg (= 0.10.1)
  rails (= 3.0.3)
  rest-client (= 1.2.0)
  rspec-rails (= 2.5.0)
  sqlite3 (= 1.3.3)
  statistics2 (= 0.54)
  thinking-sphinx (= 2.0.2)
  throne (= 0.0.6)
  will_paginate (= 2.3.15)
